GEM
  remote: http://rubygems.org/
  specs:
    chunky_png (1.2.7)
    compass (0.12.2)
      chunky_png (~> 1.2)
      fssm (>= 0.2.7)
      sass (~> 3.1)
    fssm (0.2.9)
    haml (3.1.7)
    hike (1.2.1)
    rack (1.4.4)
    rdiscount (1.6.8)
    sass (3.2.5)
    staticpress (0.7.1)
      bundler
      hike
      rack
      thor
      tilt
    thor (0.16.0)
    tilt (1.3.3)

PLATFORMS
  ruby

DEPENDENCIES
  compass
  haml
  rdiscount
  sass
  staticpress
